GIT
  remote: https://github.com/intridea/grape.git
  revision: 746dbfb7c92ee6a887c6eee44a5a376f7e836fea
  specs:
    grape (0.2.1)
      hashie (~> 1.2)
      multi_json
      multi_xml
      rack
      rack-mount
      virtus

GEM
  remote: https://rubygems.org/
  specs:
    backports (2.6.3)
    hashie (1.2.0)
    macaddr (1.6.1)
      systemu (~> 2.5.0)
    multi_json (1.3.6)
    multi_xml (0.5.1)
    puma (1.6.1)
      rack (~> 1.2)
    rack (1.4.1)
    rack-mount (0.8.3)
      rack (>= 1.0.0)
    shotgun (0.9)
      rack (>= 1.0)
    systemu (2.5.2)
    uuid (2.3.5)
      macaddr (~> 1.0)
    virtus (0.5.1)
      backports (~> 2.6.1)

PLATFORMS
  ruby

DEPENDENCIES
  grape!
  puma
  shotgun
  uuid
