GIT
  remote: https://github.com/intridea/grape.git
  revision: 746dbfb7c92ee6a887c6eee44a5a376f7e836fea
  specs:
    grape (0.2.1)
      hashie (~> 1.2)
      multi_json
      multi_xml
      rack
      rack-mount
      virtus

GEM
  remote: https://rubygems.org/
  specs:
    archive-tar-minitar (0.5.2)
    backports (2.6.3)
    childprocess (0.3.5)
      ffi (~> 1.0, >= 1.0.6)
    diff-lcs (1.1.3)
    erubis (2.7.0)
    ffi (1.1.5)
    hashie (1.2.0)
    i18n (0.6.0)
    json (1.5.4)
    log4r (1.1.10)
    macaddr (1.6.1)
      systemu (~> 2.5.0)
    multi_json (1.3.6)
    multi_xml (0.5.1)
    net-scp (1.0.4)
      net-ssh (>= 1.99.1)
    net-ssh (2.2.2)
    puma (1.6.1)
      rack (~> 1.2)
    rack (1.4.1)
    rack-mount (0.8.3)
      rack (>= 1.0.0)
    rack-test (0.6.1)
      rack (>= 1.0)
    rake (0.9.2.2)
    rspec (2.11.0)
      rspec-core (~> 2.11.0)
      rspec-expectations (~> 2.11.0)
      rspec-mocks (~> 2.11.0)
    rspec-core (2.11.1)
    rspec-expectations (2.11.2)
      diff-lcs (~> 1.1.3)
    rspec-mocks (2.11.2)
    shotgun (0.9)
      rack (>= 1.0)
    systemu (2.5.2)
    uuid (2.3.5)
      macaddr (~> 1.0)
    vagrant (1.0.3)
      archive-tar-minitar (= 0.5.2)
      childprocess (~> 0.3.1)
      erubis (~> 2.7.0)
      i18n (~> 0.6.0)
      json (~> 1.5.1)
      log4r (~> 1.1.9)
      net-scp (~> 1.0.4)
      net-ssh (~> 2.2.2)
    virtus (0.5.1)
      backports (~> 2.6.1)

PLATFORMS
  ruby

DEPENDENCIES
  grape!
  puma
  rack-test
  rake
  rspec
  shotgun
  uuid
  vagrant
